GEM
  remote: https://rubygems.org/
  specs:
    cinch (2.3.4)

PLATFORMS
  ruby

DEPENDENCIES
  cinch (= 2.3.4)

BUNDLED WITH
   1.17.3
